GEM
  specs:
    matplotlib (1.1.0)
      pycall (>= 1.0.0)
    pycall (1.3.1)

PLATFORMS
  ruby

DEPENDENCIES
  matplotlib

BUNDLED WITH
   2.1.4
